GEM
  remote: https://rubygems.org/
  specs:
    ascii_charts (0.9.1)

PLATFORMS
  x86_64-linux

DEPENDENCIES
  ascii_charts (~> 0.9.1)

BUNDLED WITH
   2.4.22
